PATH
  remote: .
  specs:
    setup_script_generator (0.1.0)

GEM
  remote: https://rubygems.org/
  specs:
    rake (10.5.0)

PLATFORMS
  ruby

DEPENDENCIES
  bundler (~> 1.17)
  rake (~> 10.0)
  setup_script_generator!

BUNDLED WITH
   1.17.3
